GEM
  remote: http://rubygems.org/
  specs:
    activesupport (3.1.0)
      multi_json (~> 1.0)
    attr_required (0.0.3)
    diff-lcs (1.1.3)
    faker (1.0.1)
      i18n (~> 0.4)
    fb_graph (2.1.9)
      httpclient (>= 2.2.0.2)
      rack-oauth2 (>= 0.9.4)
    haml (3.1.3)
    httpclient (2.2.1)
    i18n (0.6.0)
    json (1.6.1)
    multi_json (1.0.3)
    rack (1.3.4)
    rack-oauth2 (0.11.0)
      activesupport (>= 2.3)
      attr_required (>= 0.0.3)
      httpclient (>= 2.2.0.2)
      i18n
      json (>= 1.4.3)
      rack (>= 1.1)
    rack-protection (1.1.2)
      rack
    rspec (2.6.0)
      rspec-core (~> 2.6.0)
      rspec-expectations (~> 2.6.0)
      rspec-mocks (~> 2.6.0)
    rspec-core (2.6.4)
    rspec-expectations (2.6.0)
      diff-lcs (~> 1.1.2)
    rspec-mocks (2.6.0)
    sin (0.1.0)
      rack
    sinatra (1.3.0)
      rack (~> 1.3)
      rack-protection (~> 1.1)
      tilt (~> 1.3)
    tilt (1.3.3)

PLATFORMS
  ruby

DEPENDENCIES
  faker
  fb_graph
  haml
  rspec
  sin
  sinatra
